GEM
  remote: https://rubygems.org/
  specs:
    awesome_print (1.0.1)
    thor (0.19.1)

PLATFORMS
  ruby

DEPENDENCIES
  awesome_print
  thor
